GIT
  remote: https://github.com/mash-97/mashz.git
  revision: 3d0cb3b24af6298f8ebf2a969edb2efcc21c6de7
  branch: master
  specs:
    mashz (0.2.0)

PATH
  remote: .
  specs:
    mono_psyche_reader (0.5.0)

GEM
  remote: https://rubygems.org/
  specs:
    chronic (0.10.2)
    minitest (5.14.2)
    rake (12.3.3)

PLATFORMS
  x64-mingw32

DEPENDENCIES
  chronic
  mashz!
  minitest (~> 5.0)
  mono_psyche_reader!
  rake (~> 12.0)

BUNDLED WITH
   2.1.4
